GEM
  remote: https://rubygems.org/
  specs:
    backports (2.8.2)
    eventmachine (1.0.0)
    foreman (0.61.0)
      thor (>= 0.13.6)
    haml (4.0.0)
      tilt
    puma (1.6.3)
      rack (~> 1.2)
    rack (1.3.10)
    rack-protection (1.3.2)
      rack
    rack-test (0.6.2)
      rack (>= 1.0)
    rake (10.0.3)
    redcarpet (2.2.2)
    sinatra (1.3.3)
      rack (~> 1.3, >= 1.3.6)
      rack-protection (~> 1.2)
      tilt (~> 1.3, >= 1.3.3)
    sinatra-contrib (1.3.2)
      backports (>= 2.0)
      eventmachine
      rack-protection
      rack-test
      sinatra (~> 1.3.0)
      tilt (~> 1.3)
    sinatra-subdomain (0.1.2)
      sinatra
    thor (0.17.0)
    tilt (1.3.3)

PLATFORMS
  ruby

DEPENDENCIES
  foreman
  haml
  puma
  rack (= 1.3.10)
  rake
  redcarpet
  sinatra
  sinatra-contrib
  sinatra-subdomain
